
type = string-attribute
name = HISTORY_NOTE
count = 446
'[yuval@meg2: Thu May 21 20:55:13 2015] to3d MR000000 MR000001 MR000002 ... MR000161 MR000162\n[yuval@meg2: Mon Oct 19 14:40:39 2015] 3dTagalign -master /home/yuval/brainhull/master+orig -prefix ./ortho anat+orig\n[yuval@meg2: Mon Oct 19 14:44:55 2015] plug_nudge: -rotate   1.00I  -5.00R   0.09A  -ashift   0.00S   5.82L -10.10P\n[yuval@meg2: Mon Oct 19 14:49:51 2015] plug_nudge: -rotate  -2.51I   0.17R   5.00A  -ashift   0.00S   0.07L   2.00P~

type  = float-attribute
name  = TAGALIGN_MATVEC
count = 12
      0.9941015    -0.07826157    -0.07508258      -2.661191      0.0613726
      0.9767299     -0.2055046       52.93768     0.08941851      0.1996844
      0.9757717      -51.06744

type = string-attribute
name = TYPESTRING
count = 15
'3DIM_HEAD_ANAT~

type = string-attribute
name = IDCODE_STRING
count = 27
'XYZ_CoOeY3mn6rTMBFUwR-F_gQ~

type = string-attribute
name = IDCODE_DATE
count = 25
'Mon Oct 19 14:40:37 2015~

type = integer-attribute
name = SCENE_DATA
count = 8
 0 0 0 -999 -999
 -999 -999 -999

type = string-attribute
name = LABEL_1
count = 5
'zyxt~

type = string-attribute
name = LABEL_2
count = 5
'zyxt~

type = string-attribute
name = DATASET_NAME
count = 5
'zyxt~

type = integer-attribute
name = ORIENT_SPECIFIC
count = 3
 3 5 1

type  = float-attribute
name  = ORIGIN
count = 3
           -127            180            127

type  = float-attribute
name  = DELTA
count = 3
              1             -1             -1

type  = float-attribute
name  = IJK_TO_DICOM
count = 12
              0              0             -1            127              1
              0              0           -127              0             -1
              0            180

type  = float-attribute
name  = IJK_TO_DICOM_REAL
count = 12
              0              0             -1            127              1
              0              0           -127              0             -1
              0            180

type  = float-attribute
name  = BRICK_STATS
count = 2
              0            873

type = integer-attribute
name = TAGSET_NUM
count = 2
 3 5

type  = float-attribute
name  = TAGSET_FLOATS
count = 15
       3.924121      -104.4248   1.414047e-08              1              0
       77.65013        4.88889  -1.012924e-08              1              0
      -81.57426       9.535875  -4.011213e-09              1              0

type = string-attribute
name = TAGSET_LABELS
count = 30
'Nasion~Left Ear~Right Ear~~××~

type = integer-attribute
name = DATASET_RANK
count = 8
 3 1 0 0 0
 0 0 0

type = integer-attribute
name = DATASET_DIMENSIONS
count = 5
 256 256 256 0 0

type = integer-attribute
name = BRICK_TYPES
count = 1
 1

type  = float-attribute
name  = BRICK_FLOAT_FACS
count = 1
              0

type = string-attribute
name = BRICK_LABS
count = 3
'#0~

type = string-attribute
name = BRICK_KEYWORDS
count = 1
'~

type = string-attribute
name = TEMPLATE_SPACE
count = 5
'ORIG~

type = integer-attribute
name = INT_CMAP
count = 1
 0

type = string-attribute
name = BYTEORDER_STRING
count = 10
'LSB_FIRST~
